GEM
  remote: https://rubygems.org/
  specs:
    image_size (2.0.2)
    rake (13.0.1)
    review (3.1.0)
      image_size
      rouge
      rubyzip
    rouge (3.15.0)
    rubyzip (1.3.0)

PLATFORMS
  ruby

DEPENDENCIES
  rake
  review (= 3.1.0)

BUNDLED WITH
   1.16.1
